GEM
  remote: https://rubygems.org/
  specs:
    activemodel (5.2.4.1)
      activesupport (= 5.2.4.1)
    activesupport (5.2.4.1)
      concurrent-ruby (~> 1.0, >= 1.0.2)
      i18n (>= 0.7, < 2)
      minitest (~> 5.1)
      tzinfo (~> 1.1)
    addressable (2.7.0)
      public_suffix (>= 2.0.2, < 5.0)
    amq-protocol (2.3.0)
    backports (3.8.0)
    binding_of_caller (0.7.2)
      debug_inspector (>= 0.0.1)
    bson (4.2.1)
    bson_ext (1.5.1)
    bunny (2.14.4)
      amq-protocol (~> 2.3, >= 2.3.0)
    byebug (9.0.6)
    codeclimate-test-reporter (1.0.8)
      simplecov (<= 0.13)
    coderay (1.1.1)
    concurrent-ruby (1.1.6)
    crass (1.0.6)
    debug_inspector (0.0.2)
    diff-lcs (1.3)
    docile (1.1.5)
    domain_name (0.5.20190701)
      unf (>= 0.0.5, < 1.0.0)
    factory_girl (4.8.0)
      activesupport (>= 3.0.0)
    faraday (1.0.0)
      multipart-post (>= 1.2, < 3)
    hashie (3.6.0)
    http-accept (1.7.0)
    http-cookie (1.0.3)
      domain_name (~> 0.5)
    i18n (0.9.5)
      concurrent-ruby (~> 1.0)
    json (2.1.0)
    jwt (1.5.6)
    method_source (0.8.2)
    mime-types (3.3.1)
      mime-types-data (~> 3.2015)
    mime-types-data (3.2019.1009)
    mini_portile2 (2.4.0)
    minitest (5.14.0)
    mongo (2.4.1)
      bson (>= 4.2.1, < 5.0.0)
    mongoid (6.1.0)
      activemodel (~> 5.0)
      mongo (>= 2.4.1, < 3.0.0)
    multi_json (1.14.1)
    multi_xml (0.6.0)
    multipart-post (2.1.1)
    mumuki-emojis (1.0.3)
    mumukit-auth (7.7.0)
      jwt (~> 1.5)
      mumukit-core (~> 1.8)
    mumukit-bridge (3.9.1)
      mumukit-core (~> 1.10)
      rest-client
    mumukit-content-type (1.8.1)
      mumuki-emojis (~> 1.0)
      mumukit-core (~> 1.0)
      redcarpet (~> 3.3.2)
      rouge (~> 3.1)
      sanitize (~> 5.0)
    mumukit-core (1.16.0)
      activesupport (>= 4.1)
      i18n (~> 0.7)
      rack (>= 1.5)
    mumukit-inspection (1.0.0)
      mumukit-core (~> 1.0)
    mumukit-login (5.2.0)
      addressable
      mumukit-auth (~> 7.0)
      mumukit-core (~> 1.1)
      mumukit-platform (~> 1.1)
      omniauth (~> 1.2)
      omniauth-auth0 (~> 1.1)
      omniauth-saml (~> 1.6)
      rack (>= 1.5)
    mumukit-nuntius (6.4.1)
      bunny (~> 2.3)
      mumukit-core (~> 1.8)
    mumukit-platform (1.6.0)
      activemodel (>= 4.0)
      mumukit-auth (~> 7.0)
      mumukit-bridge (~> 3.5)
      mumukit-core (~> 1.2)
      mumukit-nuntius (~> 6.0)
    mumukit-service (3.0.2)
      bson_ext
      mongo (~> 2.1)
      mumukit-core (~> 1.0)
      puma
      sinatra
      sinatra-cross_origin (~> 0.3.1)
    netrc (0.11.0)
    nokogiri (1.10.8)
      mini_portile2 (~> 2.4.0)
    nokogumbo (2.0.2)
      nokogiri (~> 1.8, >= 1.8.4)
    oauth2 (1.4.4)
      faraday (>= 0.8, < 2.0)
      jwt (>= 1.0, < 3.0)
      multi_json (~> 1.3)
      multi_xml (~> 0.5)
      rack (>= 1.2, < 3)
    omniauth (1.9.0)
      hashie (>= 3.4.6, < 3.7.0)
      rack (>= 1.6.2, < 3)
    omniauth-auth0 (1.4.2)
      omniauth-oauth2 (~> 1.1)
    omniauth-oauth2 (1.6.0)
      oauth2 (~> 1.1)
      omniauth (~> 1.9)
    omniauth-saml (1.10.1)
      omniauth (~> 1.3, >= 1.3.2)
      ruby-saml (~> 1.7)
    pry (0.10.4)
      coderay (~> 1.1.0)
      method_source (~> 0.8.1)
      slop (~> 3.4)
    pry-byebug (3.4.2)
      byebug (~> 9.0)
      pry (~> 0.10)
    pry-remote (0.1.8)
      pry (~> 0.9)
      slop (~> 3.0)
    pry-stack_explorer (0.4.9.2)
      binding_of_caller (>= 0.7)
      pry (>= 0.9.11)
    public_suffix (4.0.3)
    puma (3.11.0)
    rack (1.6.13)
    rack-protection (1.5.5)
      rack
    rack-test (0.6.3)
      rack (>= 1.0)
    rake (12.0.0)
    redcarpet (3.3.4)
    rest-client (2.1.0)
      http-accept (>= 1.7.0, < 2.0)
      http-cookie (>= 1.0.2, < 2.0)
      mime-types (>= 1.16, < 4.0)
      netrc (~> 0.8)
    rouge (3.16.0)
    rspec (2.99.0)
      rspec-core (~> 2.99.0)
      rspec-expectations (~> 2.99.0)
      rspec-mocks (~> 2.99.0)
    rspec-core (2.99.2)
    rspec-expectations (2.99.2)
      diff-lcs (>= 1.1.3, < 2.0)
    rspec-mocks (2.99.4)
    ruby-saml (1.11.0)
      nokogiri (>= 1.5.10)
    sanitize (5.1.0)
      crass (~> 1.0.2)
      nokogiri (>= 1.8.0)
      nokogumbo (~> 2.0)
    simplecov (0.13.0)
      docile (~> 1.1.0)
      json (>= 1.8, < 3)
      simplecov-html (~> 0.10.0)
    simplecov-html (0.10.0)
    sinatra (1.4.8)
      rack (~> 1.5)
      rack-protection (~> 1.4)
      tilt (>= 1.3, < 3)
    sinatra-contrib (1.4.7)
      backports (>= 2.0)
      multi_json
      rack-protection
      rack-test
      sinatra (~> 1.4.0)
      tilt (>= 1.3, < 3)
    sinatra-cross_origin (0.3.2)
    sinatra-rake-routes (0.0.4)
      rake
    slop (3.6.0)
    thread_safe (0.3.6)
    tilt (2.0.7)
    tzinfo (1.2.6)
      thread_safe (~> 0.1)
    unf (0.1.4)
      unf_ext
    unf_ext (0.0.7.6)

PLATFORMS
  ruby

DEPENDENCIES
  activemodel (~> 5.0)
  activesupport (~> 5.0)
  binding_of_caller
  bson_ext
  bunny
  codeclimate-test-reporter
  factory_girl
  mongo (~> 2.1)
  mongoid (~> 6.1)
  mumukit-auth (~> 7.7)
  mumukit-content-type (~> 1.8, >= 1.8.0)
  mumukit-core (~> 1.8)
  mumukit-inspection (~> 1.0)
  mumukit-login (~> 5.2.0)
  mumukit-nuntius (~> 6.1)
  mumukit-platform (~> 1.3)
  mumukit-service (~> 3.0)
  pry
  pry-byebug
  pry-remote
  pry-stack_explorer
  rack-test
  rake
  rspec (~> 2.99)
  sinatra (~> 1.4)
  sinatra-contrib (~> 1.4)
  sinatra-cross_origin (~> 0.3.1)
  sinatra-rake-routes

BUNDLED WITH
   1.17.3
