GEM
  remote: https://rubygems.org/
  specs:
    activesupport (5.0.0.1)
      concurrent-ruby (~> 1.0, >= 1.0.2)
      i18n (~> 0.7)
      minitest (~> 5.1)
      tzinfo (~> 1.1)
    amq-protocol (2.0.1)
    bson (4.2.1)
    bson_ext (1.5.1)
    bunny (2.5.1)
      amq-protocol (>= 2.0.1)
    codeclimate-test-reporter (0.6.0)
      simplecov (>= 0.7.1, < 1.0.0)
    concurrent-ruby (1.0.3)
    daybreak (0.3.0)
    diff-lcs (1.2.5)
    docile (1.1.5)
    domain_name (0.5.20160826)
      unf (>= 0.0.5, < 1.0.0)
    factory_girl (4.7.0)
      activesupport (>= 3.0.0)
    http-cookie (1.0.3)
      domain_name (~> 0.5)
    i18n (0.7.0)
    json (2.0.2)
    jwt (1.5.6)
    mime-types (3.1)
      mime-types-data (~> 3.2015)
    mime-types-data (3.2016.0521)
    minitest (5.10.1)
    mongo (2.4.1)
      bson (>= 4.2.1, < 5.0.0)
    mumukit-auth (2.2.2)
      daybreak
      jwt
      mumukit-core (~> 0.4)
    mumukit-core (0.4.3)
      activesupport (>= 4.1)
      i18n (~> 0.7)
      rack (>= 1.5)
    mumukit-inspection (0.1.1)
      mumukit-core (~> 0.2)
    mumukit-nuntius (1.0.0)
      activesupport (>= 4.1)
      bunny (~> 2.3)
    mumukit-service (0.7.0)
      bson_ext
      mongo (~> 2.1)
      mumukit-core (~> 0.4)
      puma
      sinatra
      sinatra-cross_origin (~> 0.3.1)
    netrc (0.11.0)
    puma (3.6.2)
    rack (1.6.5)
    rack-protection (1.5.3)
      rack
    rack-test (0.6.3)
      rack (>= 1.0)
    rake (11.3.0)
    rest-client (2.0.0)
      http-cookie (>= 1.0.2, < 2.0)
      mime-types (>= 1.16, < 4.0)
      netrc (~> 0.8)
    rspec (2.99.0)
      rspec-core (~> 2.99.0)
      rspec-expectations (~> 2.99.0)
      rspec-mocks (~> 2.99.0)
    rspec-core (2.99.2)
    rspec-expectations (2.99.2)
      diff-lcs (>= 1.1.3, < 2.0)
    rspec-mocks (2.99.4)
    simplecov (0.12.0)
      docile (~> 1.1.0)
      json (>= 1.8, < 3)
      simplecov-html (~> 0.10.0)
    simplecov-html (0.10.0)
    sinatra (1.4.7)
      rack (~> 1.5)
      rack-protection (~> 1.4)
      tilt (>= 1.3, < 3)
    sinatra-cross_origin (0.3.2)
    thread_safe (0.3.5)
    tilt (2.0.5)
    tzinfo (1.2.2)
      thread_safe (~> 0.1)
    unf (0.1.4)
      unf_ext
    unf_ext (0.0.7.2)

PLATFORMS
  ruby

DEPENDENCIES
  bson_ext
  bunny
  codeclimate-test-reporter
  factory_girl
  mongo (~> 2.1)
  mumukit-auth (~> 2.2)
  mumukit-core (~> 0.4)
  mumukit-inspection (~> 0.1)
  mumukit-nuntius (~> 1.0)
  mumukit-service (~> 0.7)
  rack-test
  rake
  rest-client (~> 2.0)
  rspec (~> 2.99)
  sinatra
  sinatra-cross_origin (~> 0.3.1)

BUNDLED WITH
   1.13.6
