GIT
  remote: git://github.com/mumuki/mumukit-auth.git
  revision: 422a50b49b7617dc2188ae8cbae30e8ed42befa4
  branch: master
  specs:
    mumukit-auth (0.1.0)
      activesupport
      jwt

GIT
  remote: git://github.com/mumuki/mumukit-nuntius.git
  revision: 6f354a497e790dc936d808ec6f6eecdc015c3e73
  branch: master
  specs:
    mumukit-nuntius (0.1.0)
      bunny

GEM
  remote: https://rubygems.org/
  specs:
    activesupport (4.2.6)
      i18n (~> 0.7)
      json (~> 1.7, >= 1.7.7)
      minitest (~> 5.1)
      thread_safe (~> 0.3, >= 0.3.4)
      tzinfo (~> 1.1)
    amq-protocol (2.0.1)
    bson (4.0.4)
    bson_ext (1.5.1)
    bunny (2.3.1)
      amq-protocol (>= 2.0.1)
    codeclimate-test-reporter (0.5.0)
      simplecov (>= 0.7.1, < 1.0.0)
    daemons (1.2.3)
    diff-lcs (1.2.5)
    docile (1.1.5)
    eventmachine (1.2.0.1)
    factory_girl (4.7.0)
      activesupport (>= 3.0.0)
    i18n (0.7.0)
    json (1.8.3)
    jwt (1.5.4)
    minitest (5.8.4)
    mongo (2.2.4)
      bson (~> 4.0)
    rack (1.6.4)
    rack-protection (1.5.3)
      rack
    rack-test (0.6.3)
      rack (>= 1.0)
    rake (11.1.2)
    rspec (2.99.0)
      rspec-core (~> 2.99.0)
      rspec-expectations (~> 2.99.0)
      rspec-mocks (~> 2.99.0)
    rspec-core (2.99.2)
    rspec-expectations (2.99.2)
      diff-lcs (>= 1.1.3, < 2.0)
    rspec-mocks (2.99.4)
    simplecov (0.11.2)
      docile (~> 1.1.0)
      json (~> 1.8)
      simplecov-html (~> 0.10.0)
    simplecov-html (0.10.0)
    sinatra (1.4.7)
      rack (~> 1.5)
      rack-protection (~> 1.4)
      tilt (>= 1.3, < 3)
    sinatra-cross_origin (0.3.2)
    thin (1.6.4)
      daemons (~> 1.0, >= 1.0.9)
      eventmachine (~> 1.0, >= 1.0.4)
      rack (~> 1.0)
    thread_safe (0.3.5)
    tilt (2.0.2)
    tzinfo (1.2.2)
      thread_safe (~> 0.1)

PLATFORMS
  ruby

DEPENDENCIES
  activesupport (~> 4.2)
  bson_ext
  bunny
  codeclimate-test-reporter
  factory_girl
  mongo (~> 2.1)
  mumukit-auth!
  mumukit-nuntius!
  rack-test
  rake
  rspec (~> 2.99)
  sinatra
  sinatra-cross_origin (~> 0.3.1)
  thin

BUNDLED WITH
   1.10.6
