GIT
  remote: git://github.com/mumuki/mumukit-auth.git
  revision: 0458cfcc24c9417851a83d35e5d04f67fcd7c658
  tag: v0.1.2
  specs:
    mumukit-auth (0.1.2)
      activesupport
      auth0
      jwt

GIT
  remote: git://github.com/mumuki/mumukit-nuntius.git
  revision: 56c6763451c4dfdb3869d9dea2d5628928035540
  tag: v0.2.2
  specs:
    mumukit-nuntius (0.2.2)
      activesupport (~> 4.1)
      bunny (~> 2.3)

GIT
  remote: git://github.com/mumuki/mumukit-service.git
  revision: 7ff2f6be31e307e2ea5c7d9a5c7d78d62d7b2541
  tag: v0.2.1
  specs:
    mumukit-service (0.2.1)
      activesupport (~> 4.2)
      bson_ext
      mongo (~> 2.1)
      puma
      sinatra
      sinatra-cross_origin (~> 0.3.1)

GEM
  remote: https://rubygems.org/
  specs:
    activesupport (4.2.6)
      i18n (~> 0.7)
      json (~> 1.7, >= 1.7.7)
      minitest (~> 5.1)
      thread_safe (~> 0.3, >= 0.3.4)
      tzinfo (~> 1.1)
    amq-protocol (2.0.1)
    auth0 (4.0.0)
      httmultiparty (~> 0.3.16)
    bson (4.1.1)
    bson_ext (1.5.1)
    bunny (2.3.1)
      amq-protocol (>= 2.0.1)
    codeclimate-test-reporter (0.4.8)
      simplecov (>= 0.7.1, < 1.0.0)
    diff-lcs (1.2.5)
    docile (1.1.5)
    factory_girl (4.5.0)
      activesupport (>= 3.0.0)
    httmultiparty (0.3.16)
      httparty (>= 0.7.3)
      mimemagic
      multipart-post
    httparty (0.13.7)
      json (~> 1.8)
      multi_xml (>= 0.5.2)
    i18n (0.7.0)
    json (1.8.3)
    jwt (1.5.4)
    mimemagic (0.3.1)
    minitest (5.8.4)
    mongo (2.2.5)
      bson (~> 4.0)
    multi_xml (0.5.5)
    multipart-post (2.0.0)
    puma (3.4.0)
    rack (1.6.4)
    rack-protection (1.5.3)
      rack
    rack-test (0.6.3)
      rack (>= 1.0)
    rake (10.5.0)
    rspec (2.99.0)
      rspec-core (~> 2.99.0)
      rspec-expectations (~> 2.99.0)
      rspec-mocks (~> 2.99.0)
    rspec-core (2.99.2)
    rspec-expectations (2.99.2)
      diff-lcs (>= 1.1.3, < 2.0)
    rspec-mocks (2.99.4)
    simplecov (0.11.1)
      docile (~> 1.1.0)
      json (~> 1.8)
      simplecov-html (~> 0.10.0)
    simplecov-html (0.10.0)
    sinatra (1.4.7)
      rack (~> 1.5)
      rack-protection (~> 1.4)
      tilt (>= 1.3, < 3)
    sinatra-cross_origin (0.3.2)
    thread_safe (0.3.5)
    tilt (2.0.2)
    tzinfo (1.2.2)
      thread_safe (~> 0.1)

PLATFORMS
  ruby

DEPENDENCIES
  activesupport (~> 4.2)
  bson_ext
  bunny
  codeclimate-test-reporter
  factory_girl
  mongo (~> 2.1)
  mumukit-auth!
  mumukit-nuntius!
  mumukit-service!
  rack-test
  rake
  rspec (~> 2.99)
  sinatra
  sinatra-cross_origin (~> 0.3.1)

BUNDLED WITH
   1.11.2
