GIT
  remote: https://github.com/mumuki/mumukit-content-type
  revision: 27d2328fa7855cf59daf6a3f22945f282d49641b
  ref: v1.1.0-mumuki-rouge
  specs:
    mumukit-content-type (1.1.0)
      mumukit-core (~> 1.0)
      redcarpet (~> 3.3.2)

GIT
  remote: https://github.com/mumuki/rouge
  revision: 5a8db3387f3a67232569969cd3da40ee04eb9dc3
  ref: 5a8db3387f3a67232569969cd3da40ee04eb9dc3
  specs:
    rouge (2.0.7)

GEM
  remote: https://rubygems.org/
  specs:
    activemodel (5.1.5)
      activesupport (= 5.1.5)
    activesupport (5.1.5)
      concurrent-ruby (~> 1.0, >= 1.0.2)
      i18n (~> 0.7)
      minitest (~> 5.1)
      tzinfo (~> 1.1)
    addressable (2.5.2)
      public_suffix (>= 2.0.2, < 4.0)
    amq-protocol (2.1.0)
    backports (3.8.0)
    binding_of_caller (0.7.2)
      debug_inspector (>= 0.0.1)
    bson (4.2.1)
    bson_ext (1.5.1)
    bunny (2.6.5)
      amq-protocol (>= 2.1.0)
    byebug (9.0.6)
    codeclimate-test-reporter (1.0.8)
      simplecov (<= 0.13)
    coderay (1.1.1)
    concurrent-ruby (1.0.5)
    debug_inspector (0.0.2)
    diff-lcs (1.3)
    docile (1.1.5)
    factory_girl (4.8.0)
      activesupport (>= 3.0.0)
    faraday (0.12.2)
      multipart-post (>= 1.2, < 3)
    hashie (3.5.6)
    i18n (0.9.5)
      concurrent-ruby (~> 1.0)
    json (2.1.0)
    jwt (1.5.6)
    method_source (0.8.2)
    mini_portile2 (2.3.0)
    minitest (5.11.3)
    mongo (2.4.1)
      bson (>= 4.2.1, < 5.0.0)
    mongoid (6.1.0)
      activemodel (~> 5.0)
      mongo (>= 2.4.1, < 3.0.0)
    multi_json (1.12.1)
    multi_xml (0.6.0)
    multipart-post (2.0.0)
    mumukit-auth (7.1.0)
      jwt
      mumukit-core (~> 1.0)
    mumukit-core (1.2.2)
      activesupport (>= 4.1)
      i18n (~> 0.7)
      rack (>= 1.5)
    mumukit-inspection (1.0.0)
      mumukit-core (~> 1.0)
    mumukit-login (4.0.1)
      addressable
      mumukit-auth (~> 7.0)
      mumukit-core (~> 1.1)
      mumukit-platform (~> 0.2)
      omniauth (~> 1.2)
      omniauth-auth0 (~> 1.1)
      omniauth-saml (~> 1.6)
      rack (>= 1.5)
    mumukit-nuntius (6.0.0)
      bunny (~> 2.3)
      mumukit-core (~> 1.0)
    mumukit-platform (0.11.0)
      activemodel (>= 4.0)
      mumukit-core (~> 1.2)
    mumukit-service (3.0.1)
      bson_ext
      mongo (~> 2.1)
      mumukit-core (~> 1.0)
      puma
      sinatra
      sinatra-cross_origin (~> 0.3.1)
    nokogiri (1.8.1)
      mini_portile2 (~> 2.3.0)
    oauth2 (1.4.0)
      faraday (>= 0.8, < 0.13)
      jwt (~> 1.0)
      multi_json (~> 1.3)
      multi_xml (~> 0.5)
      rack (>= 1.2, < 3)
    omniauth (1.7.1)
      hashie (>= 3.4.6, < 3.6.0)
      rack (>= 1.6.2, < 3)
    omniauth-auth0 (1.4.2)
      omniauth-oauth2 (~> 1.1)
    omniauth-oauth2 (1.4.0)
      oauth2 (~> 1.0)
      omniauth (~> 1.2)
    omniauth-saml (1.8.1)
      omniauth (~> 1.3)
      ruby-saml (~> 1.4, >= 1.4.3)
    pry (0.10.4)
      coderay (~> 1.1.0)
      method_source (~> 0.8.1)
      slop (~> 3.4)
    pry-byebug (3.4.2)
      byebug (~> 9.0)
      pry (~> 0.10)
    pry-remote (0.1.8)
      pry (~> 0.9)
      slop (~> 3.0)
    pry-stack_explorer (0.4.9.2)
      binding_of_caller (>= 0.7)
      pry (>= 0.9.11)
    public_suffix (3.0.0)
    puma (3.11.0)
    rack (1.6.8)
    rack-protection (1.5.3)
      rack
    rack-test (0.6.3)
      rack (>= 1.0)
    rake (12.0.0)
    redcarpet (3.3.4)
    rspec (2.99.0)
      rspec-core (~> 2.99.0)
      rspec-expectations (~> 2.99.0)
      rspec-mocks (~> 2.99.0)
    rspec-core (2.99.2)
    rspec-expectations (2.99.2)
      diff-lcs (>= 1.1.3, < 2.0)
    rspec-mocks (2.99.4)
    ruby-saml (1.5.0)
      nokogiri (>= 1.5.10)
    simplecov (0.13.0)
      docile (~> 1.1.0)
      json (>= 1.8, < 3)
      simplecov-html (~> 0.10.0)
    simplecov-html (0.10.0)
    sinatra (1.4.8)
      rack (~> 1.5)
      rack-protection (~> 1.4)
      tilt (>= 1.3, < 3)
    sinatra-contrib (1.4.7)
      backports (>= 2.0)
      multi_json
      rack-protection
      rack-test
      sinatra (~> 1.4.0)
      tilt (>= 1.3, < 3)
    sinatra-cross_origin (0.3.2)
    sinatra-rake-routes (0.0.4)
      rake
    slop (3.6.0)
    thread_safe (0.3.6)
    tilt (2.0.7)
    tzinfo (1.2.5)
      thread_safe (~> 0.1)

PLATFORMS
  ruby

DEPENDENCIES
  activemodel (~> 5.0)
  activesupport (~> 5.0)
  binding_of_caller
  bson_ext
  bunny
  codeclimate-test-reporter
  factory_girl
  mongo (~> 2.1)
  mongoid (~> 6.1)
  mumukit-auth (~> 7.0)
  mumukit-content-type!
  mumukit-core (~> 1.1)
  mumukit-inspection (~> 1.0)
  mumukit-login (~> 4.0)
  mumukit-nuntius (~> 6.0)
  mumukit-platform (~> 0.11)
  mumukit-service (~> 3.0)
  pry
  pry-byebug
  pry-remote
  pry-stack_explorer
  rack-test
  rake
  rouge!
  rspec (~> 2.99)
  sinatra (~> 1.4)
  sinatra-contrib (~> 1.4)
  sinatra-cross_origin (~> 0.3.1)
  sinatra-rake-routes

BUNDLED WITH
   1.16.1
